{
    "TaskName": "imagery",
    "Manufacturer": "n/a",
    "PowerLineFrequency": 50.0,
    "SamplingFrequency": 250.0,
    "SoftwareFilters": "n/a",
    "RecordingDuration": 1186.596,
    "RecordingType": "continuous",
    "EEGReference": "n/a",
    "EEGGround": "n/a",
    "EEGPlacementScheme": "based on the extended 10/20 system",
    "EEGChannelCount": 14,
    "EOGChannelCount": 0,
    "ECGChannelCount": 0,
    "EMGChannelCount": 0,
    "TriggerChannelCount": 0,
    "MISCChannelCount": 0,
    "HardwareFilters": "n/a",
    "SubjectArtefactDescription": "n/a",
    "TaskDescription": "Motor imagery task with three conditions: left hand, right hand, and feet imagery.",
    "InstitutionName": "National University of Defense Technology",
    "InstitutionAddress": "Changsha, Hunan, China"
}
